PATH
  remote: .
  specs:
    crawler (1.0)
      nokogiri (~> 1.6.3)

GEM
  remote: https://rubygems.org/
  specs:
    docile (1.1.5)
    mini_portile (0.6.0)
    minitest (5.4.1)
    multi_json (1.10.1)
    nokogiri (1.6.3.1)
      mini_portile (= 0.6.0)
    rake (10.3.2)
    simplecov (0.9.0)
      docile (~> 1.1.0)
      multi_json
      simplecov-html (~> 0.8.0)
    simplecov-html (0.8.0)

PLATFORMS
  ruby

DEPENDENCIES
  bundler (~> 1.7)
  crawler!
  minitest (~> 5.0)
  rake (~> 10.0)
  simplecov (~> 0.9.0)
